GEM
  remote: https://rubygems.org/
  specs:
    activesupport (3.2.14)
      i18n (~> 0.6, >= 0.6.4)
      multi_json (~> 1.0)
    awesome_print_motion (0.1.0)
    bubble-wrap (1.3.0)
    claide (0.3.2)
    cocoapods (0.23.0)
      activesupport (~> 3.2.13)
      claide (~> 0.3.2)
      cocoapods-core (= 0.23.0)
      cocoapods-downloader (~> 0.1.2)
      colored (~> 1.2)
      escape (~> 0.0.4)
      json (~> 1.8.0)
      open4 (~> 1.3.0)
      xcodeproj (~> 0.9.0)
    cocoapods-core (0.23.0)
      activesupport (~> 3.2.13)
      json (~> 1.8.0)
      nap (~> 0.5.1)
    cocoapods-downloader (0.1.2)
    colored (1.2)
    escape (0.0.4)
    formotion (1.4.0)
      bubble-wrap (~> 1.3.0)
      motion-require (~> 0.0.3)
    geomotion (0.12.1)
    i18n (0.6.4)
    json (1.8.0)
    motion-awesome (0.0.5)
      motion-map
    motion-cocoapods (1.3.5)
      cocoapods (>= 0.17.0)
    motion-layout (0.0.1)
    motion-map (0.0.4)
    motion-require (0.0.7)
    motion-rubberstamp (0.0.6)
    multi_json (1.7.8)
    nap (0.5.1)
    open4 (1.3.0)
    rake (10.1.0)
    sugarcube (1.0.3)
    sweettea (0.5.6)
      rake
      sugarcube
      teacup
    teacup (2.1.6)
    xcodeproj (0.9.0)
      activesupport (~> 3.2.13)
      colored (~> 1.2)

PLATFORMS
  ruby

DEPENDENCIES
  awesome_print_motion (= 0.1.0)
  bubble-wrap (= 1.3.0)
  formotion (~> 1.4.0)
  geomotion (= 0.12.1)
  motion-awesome (= 0.0.5)
  motion-cocoapods (~> 1.3.5)
  motion-layout (~> 0.0.1)
  motion-map (= 0.0.4)
  motion-rubberstamp (= 0.0.6)
  sugarcube (= 1.0.3)
  sweettea (= 0.5.6)
  teacup (= 2.1.6)
